PATH
  remote: .
  specs:
    egoist (0.7.1)

GEM
  remote: http://rubygems.org/
  specs:
    awesome_print (1.8.0)
    clean-mock (0.2.0)
    concurrent-ruby (1.1.7)
    diff-lcs (1.4.4)
    dry-inflector (0.2.0)
    faker (2.15.1)
      i18n (>= 1.6, < 2)
    i18n (1.8.7)
      concurrent-ruby (~> 1.0)
    rspec (3.10.0)
      rspec-core (~> 3.10.0)
      rspec-expectations (~> 3.10.0)
      rspec-mocks (~> 3.10.0)
    rspec-core (3.10.1)
      rspec-support (~> 3.10.0)
    rspec-expectations (3.10.1)
      diff-lcs (>= 1.2.0, < 2.0)
      rspec-support (~> 3.10.0)
    rspec-mocks (3.10.1)
      diff-lcs (>= 1.2.0, < 2.0)
      rspec-support (~> 3.10.0)
    rspec-support (3.10.1)

PLATFORMS
  ruby

DEPENDENCIES
  awesome_print
  clean-mock
  dry-inflector
  egoist!
  faker
  rspec

BUNDLED WITH
   2.2.3
